PATH
  remote: .
  specs:
    supercluster (0.0.4)
      mini_racer (~> 0.2.0)

GEM
  remote: https://rubygems.org/
  specs:
    bump (0.9.0)
    coderay (1.1.2)
    libv8 (7.3.492.27.1)
    method_source (0.9.2)
    mini_racer (0.2.9)
      libv8 (>= 6.9.411)
    minitest (5.14.0)
    pry (0.12.2)
      coderay (~> 1.1.0)
      method_source (~> 0.9.0)
    rake (12.3.3)

PLATFORMS
  ruby

DEPENDENCIES
  bump
  minitest
  pry
  rake
  supercluster!

BUNDLED WITH
   2.1.4
