PATH
  remote: .
  specs:
    supercluster (0.0.2)
      execjs (~> 2.2, >= 2.2.1)

GEM
  remote: https://rubygems.org/
  specs:
    bump (0.9.0)
    coderay (1.1.2)
    execjs (2.7.0)
    method_source (0.9.2)
    minitest (5.14.0)
    pry (0.12.2)
      coderay (~> 1.1.0)
      method_source (~> 0.9.0)
    rake (12.3.3)

PLATFORMS
  ruby

DEPENDENCIES
  bump
  minitest
  pry
  rake
  supercluster!

BUNDLED WITH
   2.1.4
